GIT
  remote: git://github.com/spaceappsatlanta/skymorph.git
  revision: 245ddb8bea8569d888daac00007f9284259dbd76
  specs:
    skymorph (0.0.1)
      curb
      nokogiri
      virtus

GEM
  remote: https://rubygems.org/
  specs:
    backports (2.6.7)
    curb (0.8.3)
    descendants_tracker (0.0.1)
    nokogiri (1.5.9)
    rack (1.5.2)
    rack-protection (1.5.0)
      rack
    sinatra (1.4.2)
      rack (~> 1.5, >= 1.5.2)
      rack-protection (~> 1.4)
      tilt (~> 1.3, >= 1.3.4)
    tilt (1.3.7)
    virtus (0.5.4)
      backports (~> 2.6.1)
      descendants_tracker (~> 0.0.1)

PLATFORMS
  ruby

DEPENDENCIES
  sinatra
  skymorph!
