GIT
  remote: git://github.com/spaceappsatlanta/skymorph.git
  revision: f604cc10713e42bc724c014ca6c6fa922e460405
  specs:
    skymorph (0.0.1)
      curb
      nokogiri
      virtus

GEM
  remote: https://rubygems.org/
  specs:
    backports (2.6.7)
    builder (3.2.0)
    coderay (1.0.9)
    curb (0.8.3)
    descendants_tracker (0.0.1)
    excon (0.20.1)
    fog (1.10.1)
      builder
      excon (~> 0.20)
      formatador (~> 0.2.0)
      mime-types
      multi_json (~> 1.0)
      net-scp (~> 1.1)
      net-ssh (>= 2.1.3)
      nokogiri (~> 1.5.0)
      ruby-hmac
    formatador (0.2.4)
    method_source (0.8.1)
    mime-types (1.23)
    multi_json (1.7.2)
    net-scp (1.1.0)
      net-ssh (>= 2.6.5)
    net-ssh (2.6.7)
    nokogiri (1.5.9)
    pry (0.9.12.1)
      coderay (~> 1.0.5)
      method_source (~> 0.8)
      slop (~> 3.4)
    rack (1.5.2)
    rack-protection (1.5.0)
      rack
    redis (3.0.3)
    ruby-hmac (0.4.0)
    sinatra (1.4.2)
      rack (~> 1.5, >= 1.5.2)
      rack-protection (~> 1.4)
      tilt (~> 1.3, >= 1.3.4)
    slim (1.3.8)
      temple (~> 0.6.3)
      tilt (~> 1.3.3)
    slop (3.4.4)
    temple (0.6.4)
    tilt (1.3.7)
    virtus (0.5.4)
      backports (~> 2.6.1)
      descendants_tracker (~> 0.0.1)

PLATFORMS
  ruby

DEPENDENCIES
  fog
  pry
  redis
  sinatra
  skymorph!
  slim
